GEM
  remote: https://rubygems.org/
  specs:
    csv (3.2.1)
    curb (0.9.11)
    nokogiri (1.12.5-x86_64-linux)
      racc (~> 1.4)
    racc (1.6.0)

PLATFORMS
  x86_64-linux

DEPENDENCIES
  csv
  curb
  nokogiri

BUNDLED WITH
   2.2.3
